PATH
  remote: .
  specs:
    ruby_warrior_web (0.1.0)

GEM
  remote: https://rubygems.org/
  specs:
    ast (2.4.2)
    coderay (1.1.3)
    method_source (1.0.0)
    opal (1.7.2)
      ast (>= 2.3.0)
      parser (~> 3.0, >= 3.0.3.2)
    opal-browser (0.3.3)
      opal (>= 1.0, < 2.0)
      paggio (>= 0.3.0)
    paggio (0.3.0)
    parser (3.2.1.0)
      ast (~> 2.4.1)
    pry (0.14.2)
      coderay (~> 1.1)
      method_source (~> 1.0)
    rake (13.0.6)
    rubywarrior (0.1.3)

PLATFORMS
  ruby

DEPENDENCIES
  opal (~> 1.7)
  opal-browser (~> 0.3.3)
  pry (~> 0.14)
  rake (~> 13.0)
  ruby_warrior_web!
  rubywarrior (~> 0.1)

BUNDLED WITH
   2.1.4
